PATH
  remote: /home/fedora/git/glimte
  specs:
    glimte (0.0.2)
      concurrent-ruby (~> 1.1)
      cri (~> 2.15)
      dry-initializer (~> 3.1)
      facets (~> 3.1)
      glimmer-dsl-tk (~> 0.0.62)
      listen (~> 3.8)
      memoized (~> 1.1)
      omnes (~> 0.2.2)
      pastel (~> 0.8.0)
      zeitwerk (~> 2.6)

GEM
  remote: https://rubygems.org/
  specs:
    array_include_methods (1.4.0)
    awesome_print (1.9.2)
    concurrent-ruby (1.2.2)
    cri (2.15.11)
    dry-initializer (3.1.1)
    facets (3.1.0)
    ffi (1.15.5)
    glimmer (2.7.3)
      array_include_methods (~> 1.4.0)
      facets (>= 3.1.0, < 4.0.0)
    glimmer-dsl-tk (0.0.62)
      glimmer (~> 2.7.3)
      puts_debuggerer (~> 0.13.1)
      tk (~> 0.4.0)
    listen (3.8.0)
      rb-fsevent (~> 0.10, >= 0.10.3)
      rb-inotify (~> 0.9, >= 0.9.10)
    memoized (1.1.1)
    omnes (0.2.2)
    pastel (0.8.0)
      tty-color (~> 0.5)
    puts_debuggerer (0.13.5)
      awesome_print (~> 1.9.2)
    rb-fsevent (0.11.2)
    rb-inotify (0.10.1)
      ffi (~> 1.0)
    tk (0.4.0)
    tty-color (0.6.0)
    zeitwerk (2.6.8)

PLATFORMS
  x86_64-linux

DEPENDENCIES
  glimte!

BUNDLED WITH
   2.3.7
